GIT
  remote: https://github.com/hipek/rack_on_wheels.git
  revision: c0ea07f4ec96fac4bc846e19916f782e72941b88
  specs:
    rack_on_wheels (0.1.0)
      rack (~> 1.6.4)

GEM
  remote: https://rubygems.org/
  specs:
    daemons (1.2.3)
    eventmachine (1.0.8)
    rack (1.6.4)
    thin (1.6.4)
      daemons (~> 1.0, >= 1.0.9)
      eventmachine (~> 1.0, >= 1.0.4)
      rack (~> 1.0)

PLATFORMS
  ruby

DEPENDENCIES
  rack_on_wheels!
  thin

BUNDLED WITH
   1.10.6
